PATH
  remote: .
  specs:
    http_spec (0.3.0)
      rspec-core
      values

GEM
  remote: https://rubygems.org/
  specs:
    addressable (2.3.2)
    aruba (0.4.11)
      childprocess (>= 0.2.3)
      cucumber (>= 1.1.1)
      ffi (>= 1.0.11)
      rspec (>= 2.7.0)
    builder (3.0.0)
    cane (2.2.1)
      parallel
    capybara (1.1.2)
      mime-types (>= 1.16)
      nokogiri (>= 1.3.3)
      rack (>= 1.0.0)
      rack-test (>= 0.5.4)
      selenium-webdriver (~> 2.0)
      xpath (~> 0.1.4)
    childprocess (0.3.5)
      ffi (~> 1.0, >= 1.0.6)
    cucumber (1.2.1)
      builder (>= 2.1.2)
      diff-lcs (>= 1.1.3)
      gherkin (~> 2.11.0)
      json (>= 1.4.6)
    diff-lcs (1.1.3)
    faraday (0.8.4)
      multipart-post (~> 1.1)
    fdoc (0.2.6)
      json
      json-schema (>= 1.0.1)
      kramdown
    ffi (1.1.5)
    ffi (1.1.5-java)
    gherkin (2.11.2)
      json (>= 1.4.6)
    gherkin (2.11.2-java)
      json (>= 1.4.6)
    haml (3.1.7)
    i18n (0.6.0)
    json (1.7.5)
    json (1.7.5-java)
    json-schema (1.0.8)
    kramdown (0.13.7)
    libwebsocket (0.1.5)
      addressable
    mime-types (1.19)
    multi_json (1.3.6)
    multipart-post (1.1.5)
    nokogiri (1.5.5)
    nokogiri (1.5.5-java)
    parallel (0.5.18)
    rack (1.4.1)
    rack-protection (1.2.0)
      rack
    rack-test (0.6.1)
      rack (>= 1.0)
    raddocs (0.1.3)
      haml
      json
      sinatra
    rake (0.9.2.2)
    rspec (2.11.0)
      rspec-core (~> 2.11.0)
      rspec-expectations (~> 2.11.0)
      rspec-mocks (~> 2.11.0)
    rspec-core (2.11.1)
    rspec-expectations (2.11.2)
      diff-lcs (~> 1.1.3)
    rspec-mocks (2.11.2)
    rubyzip (0.9.9)
    selenium-webdriver (2.25.0)
      childprocess (>= 0.2.5)
      libwebsocket (~> 0.1.3)
      multi_json (~> 1.0)
      rubyzip
    simplecov (0.6.4)
      multi_json (~> 1.0)
      simplecov-html (~> 0.5.3)
    simplecov-html (0.5.3)
    sinatra (1.3.3)
      rack (~> 1.3, >= 1.3.6)
      rack-protection (~> 1.2)
      tilt (~> 1.3, >= 1.3.3)
    tilt (1.3.3)
    values (1.2.1)
    webmachine (1.0.0)
      i18n (>= 0.4.0)
      multi_json
    xpath (0.1.4)
      nokogiri (~> 1.3)

PLATFORMS
  java
  ruby

DEPENDENCIES
  aruba
  cane
  capybara
  faraday
  fdoc
  http_spec!
  rack
  raddocs
  rake
  rspec
  simplecov
  webmachine
